PATH
  remote: .
  specs:
    typo_checker (0.1.5)
      thor (~> 1.3.2)

GEM
  remote: https://rubygems.org/
  specs:
    diff-lcs (1.5.1)
    rspec (3.13.0)
      rspec-core (~> 3.13.0)
      rspec-expectations (~> 3.13.0)
      rspec-mocks (~> 3.13.0)
    rspec-core (3.13.2)
      rspec-support (~> 3.13.0)
    rspec-expectations (3.13.3)
      diff-lcs (>= 1.2.0, < 2.0)
      rspec-support (~> 3.13.0)
    rspec-mocks (3.13.2)
      diff-lcs (>= 1.2.0, < 2.0)
      rspec-support (~> 3.13.0)
    rspec-support (3.13.2)
    thor (1.3.2)

PLATFORMS
  x86_64-darwin-22
  x86_64-linux

DEPENDENCIES
  rspec
  typo_checker!

BUNDLED WITH
   2.3.3
