PATH
  remote: .
  specs:
    typo_checker (0.1.0)
      thor (~> 1.3.2)

GEM
  remote: https://rubygems.org/
  specs:
    thor (1.3.2)

PLATFORMS
  x86_64-darwin-22

DEPENDENCIES
  typo_checker!

BUNDLED WITH
   2.3.3
